PATH
  remote: .
  specs:
    cocoapods-keys (1.1.0)
      osx_keychain

GEM
  remote: https://rubygems.org/
  specs:
    RubyInline (3.12.3)
      ZenTest (~> 4.3)
    ZenTest (4.11.0)
    diff-lcs (1.2.5)
    osx_keychain (1.0.0)
      RubyInline (~> 3)
    rake (10.3.2)
    rspec (3.2.0)
      rspec-core (~> 3.2.0)
      rspec-expectations (~> 3.2.0)
      rspec-mocks (~> 3.2.0)
    rspec-core (3.2.2)
      rspec-support (~> 3.2.0)
    rspec-expectations (3.2.0)
      diff-lcs (>= 1.2.0, < 2.0)
      rspec-support (~> 3.2.0)
    rspec-mocks (3.2.1)
      diff-lcs (>= 1.2.0, < 2.0)
      rspec-support (~> 3.2.0)
    rspec-support (3.2.2)

PLATFORMS
  ruby

DEPENDENCIES
  bundler (~> 1.3)
  cocoapods-keys!
  rake
  rspec
