PATH
  remote: .
  specs:
    cocoapods-keys (1.0.0)
      osx_keychain

GEM
  remote: https://rubygems.org/
  specs:
    RubyInline (3.12.3)
      ZenTest (~> 4.3)
    ZenTest (4.11.0)
    osx_keychain (1.0.0)
      RubyInline (~> 3)
    rake (10.3.2)

PLATFORMS
  ruby

DEPENDENCIES
  bundler (~> 1.3)
  cocoapods-keys!
  rake
